GEM
  remote: https://rubygems.org/
  specs:
    active_record_extended (1.4.0)
      activerecord (>= 5.0, < 6.1)
      ar_outer_joins (~> 0.2)
      pg (< 2.0)
    activemodel (6.0.2.1)
      activesupport (= 6.0.2.1)
    activerecord (6.0.2.1)
      activemodel (= 6.0.2.1)
      activesupport (= 6.0.2.1)
    activesupport (6.0.2.1)
      concurrent-ruby (~> 1.0, >= 1.0.2)
      i18n (>= 0.7, < 2)
      minitest (~> 5.1)
      tzinfo (~> 1.1)
      zeitwerk (~> 2.2)
    akami (1.3.1)
      gyoku (>= 0.4.0)
      nokogiri
    ar_outer_joins (0.2.0)
      activerecord (>= 3.2)
    ast (2.4.0)
    awesome_print (1.8.0)
    axiom-types (0.1.1)
      descendants_tracker (~> 0.0.4)
      ice_nine (~> 0.11.0)
      thread_safe (~> 0.3, >= 0.3.1)
    backport (1.1.2)
    backports (3.17.0)
    bcrypt (3.1.13)
    benchmark (0.1.0)
    builder (3.2.4)
    chromaprint (0.0.2)
      ffi
    coercible (1.0.0)
      descendants_tracker (~> 0.0.1)
    concurrent-ruby (1.1.6)
    connection_pool (2.2.2)
    deep_dive (0.3.7)
      json (~> 2.0, >= 2.0.2)
      semver2 (~> 3)
    descendants_tracker (0.0.4)
      thread_safe (~> 0.3, >= 0.3.1)
    domain_name (0.5.20190701)
      unf (>= 0.0.5, < 1.0.0)
    dotenv (2.7.5)
    dry-auto_inject (0.7.0)
      dry-container (>= 0.3.4)
    dry-configurable (0.11.4)
      concurrent-ruby (~> 1.0)
      dry-core (~> 0.4, >= 0.4.7)
      dry-equalizer (~> 0.2)
    dry-container (0.7.2)
      concurrent-ruby (~> 1.0)
      dry-configurable (~> 0.1, >= 0.1.3)
    dry-core (0.4.9)
      concurrent-ruby (~> 1.0)
    dry-equalizer (0.3.0)
    e2mmap (0.1.0)
    equalizer (0.0.11)
    equatable (0.6.1)
    faraday (0.17.3)
      multipart-post (>= 1.2, < 3)
    faraday_middleware (0.14.0)
      faraday (>= 0.7.4, < 1.0)
    ffi (1.12.2)
    globalid (0.4.2)
      activesupport (>= 4.2.0)
    gyoku (1.3.1)
      builder (>= 2.1.2)
    highline (1.7.10)
    http-accept (1.7.0)
    http-cookie (1.0.3)
      domain_name (~> 0.5)
    httpclient (2.8.3)
    httpi (2.4.4)
      rack
      socksify
    i18n (1.8.2)
      concurrent-ruby (~> 1.0)
    ice_nine (0.11.2)
    jaro_winkler (1.5.4)
    json (2.3.0)
    jwt (2.2.1)
    kramdown (2.1.0)
    libis-format (2.0.0)
      chromaprint (~> 0.0.2)
      deep_dive (~> 0.3)
      libis-tools (~> 1.0)
      mini_magick (~> 4.3)
      naturally (~> 2.1)
      os (= 0.9.6)
    libis-metadata (1.0.0)
      libis-services (~> 1.0)
      libis-tools (~> 1.0)
      parslet (~> 1.7)
      simple_xlsx_reader (~> 1.0)
      thor
      tty-prompt
    libis-services (1.0.7)
      awesome_print (~> 1.6)
      highline (~> 1.7)
      httpclient (~> 2.8)
      libis-tools (~> 1.0)
      oai (~> 0.4)
      rest-client (~> 2.0)
      ruby-oci8 (~> 2.2.2)
      savon (~> 2.11)
      virtus (~> 1.0)
      write_xlsx (~> 0.83)
    libis-tools (1.0.6)
      backports (~> 3.6)
      concurrent-ruby (~> 1.0)
      gyoku (~> 1.3)
      logging (~> 2.0)
      nokogiri (~> 1.6)
      nori (~> 2.6)
      parslet (~> 1.7)
      recursive-open-struct (~> 1.0)
      roo (~> 2.5)
      roo-xls (~> 1.0)
      simple_xlsx_reader (~> 1.0)
      thor
      tty-config
      tty-prompt
      yard (~> 0.9.11)
    libis-workflow (3.0.beta.2)
      libis-tools (~> 1.0)
      ruby-enum (~> 0.7)
    listen (3.2.1)
      rb-fsevent (~> 0.10, >= 0.10.3)
      rb-inotify (~> 0.9, >= 0.9.10)
    little-plugger (1.1.4)
    logging (2.2.2)
      little-plugger (~> 1.1)
      multi_json (~> 1.10)
    mail (2.7.1)
      mini_mime (>= 0.1.1)
    maruku (0.7.3)
    mime-types (3.3.1)
      mime-types-data (~> 3.2015)
    mime-types-data (3.2019.1009)
    mini_magick (4.10.1)
    mini_mime (1.0.2)
    mini_portile2 (2.4.0)
    minitest (5.14.0)
    multi_json (1.14.1)
    multipart-post (2.1.1)
    naturally (2.2.0)
    necromancer (0.5.1)
    netrc (0.11.0)
    nio4r (2.5.2)
    nokogiri (1.10.9)
      mini_portile2 (~> 2.4.0)
    nori (2.6.0)
    oai (0.4.0)
      builder (>= 3.1.0)
      faraday
      faraday_middleware
    order_as_specified (1.6)
      activerecord (>= 5.0.0)
    os (0.9.6)
    parallel (1.19.1)
    parser (2.7.0.4)
      ast (~> 2.4.0)
    parslet (1.8.2)
    pastel (0.7.3)
      equatable (~> 0.6)
      tty-color (~> 0.5)
    pg (1.2.2)
    puma (4.3.3)
      nio4r (~> 2.0)
    rack (2.0.9)
    rack-protection (2.0.8.1)
      rack
    rainbow (3.0.0)
    rake (13.0.1)
    ranked-model (0.4.5)
      activerecord (>= 4.2)
    rb-fsevent (0.10.3)
    rb-inotify (0.10.1)
      ffi (~> 1.0)
    recursive-open-struct (1.1.0)
    redis (4.1.3)
    rerun (0.13.0)
      listen (~> 3.0)
    rest-client (2.1.0)
      http-accept (>= 1.7.0, < 2.0)
      http-cookie (>= 1.0.2, < 2.0)
      mime-types (>= 1.16, < 4.0)
      netrc (~> 0.8)
    reverse_markdown (1.4.0)
      nokogiri
    rexml (3.2.4)
    roda (3.30.0)
      rack
    roo (2.8.3)
      nokogiri (~> 1)
      rubyzip (>= 1.3.0, < 3.0.0)
    roo-xls (1.2.0)
      nokogiri
      roo (>= 2.0.0, < 3)
      spreadsheet (> 0.9.0)
    rubocop (0.80.1)
      jaro_winkler (~> 1.5.1)
      parallel (~> 1.10)
      parser (>= 2.7.0.1)
      rainbow (>= 2.2.2, < 4.0)
      rexml
      ruby-progressbar (~> 1.7)
      unicode-display_width (>= 1.4.0, < 1.7)
    ruby-enum (0.7.2)
      i18n
    ruby-oci8 (2.2.8)
    ruby-ole (1.2.12.2)
    ruby-progressbar (1.10.1)
    rubyzip (2.2.0)
    savon (2.12.0)
      akami (~> 1.2)
      builder (>= 2.1.2)
      gyoku (~> 1.2)
      httpi (~> 2.3)
      nokogiri (>= 1.8.1)
      nori (~> 2.4)
      wasabi (~> 3.4)
    semver2 (3.4.2)
    sidekiq (5.2.8)
      connection_pool (~> 2.2, >= 2.2.2)
      rack (< 2.1.0)
      rack-protection (>= 1.5.0)
      redis (>= 3.3.5, < 5)
    simple_xlsx_reader (1.0.4)
      nokogiri
      rubyzip
    socksify (1.7.1)
    solargraph (0.38.5)
      backport (~> 1.1)
      benchmark
      bundler (>= 1.17.2)
      e2mmap
      jaro_winkler (~> 1.5)
      maruku (~> 0.7, >= 0.7.3)
      nokogiri (~> 1.9, >= 1.9.1)
      parser (~> 2.3)
      reverse_markdown (~> 1.0, >= 1.0.5)
      rubocop (~> 0.52)
      thor (~> 1.0)
      tilt (~> 2.0)
      yard (~> 0.9)
    spreadsheet (1.2.6)
      ruby-ole (>= 1.0)
    symbolized (0.0.1)
    teneo-data_model (0.2.4)
      active_record_extended (~> 1.3)
      activerecord (> 5.2)
      activesupport (> 5.2)
      dotenv (~> 2.7)
      globalid
      order_as_specified
      pg (< 2.0)
      ranked-model
      symbolized
    teneo-ingester (0.2.0)
      dotenv (~> 2.7)
      kramdown (~> 2.1)
      libis-format (~> 2.0)
      libis-metadata (~> 1.0)
      libis-tools (~> 1.0)
      libis-workflow (~> 3.0.beta)
      mail
      sidekiq (~> 5.2)
      teneo-data_model (~> 0.2)
    thor (1.0.1)
    thread_safe (0.3.6)
    tilt (2.0.10)
    tty-color (0.5.1)
    tty-config (0.4.0)
    tty-cursor (0.7.1)
    tty-prompt (0.20.0)
      necromancer (~> 0.5.0)
      pastel (~> 0.7.0)
      tty-reader (~> 0.7.0)
    tty-reader (0.7.0)
      tty-cursor (~> 0.7)
      tty-screen (~> 0.7)
      wisper (~> 2.0.0)
    tty-screen (0.7.1)
    tzinfo (1.2.6)
      thread_safe (~> 0.1)
    unf (0.1.4)
      unf_ext
    unf_ext (0.0.7.6)
    unicode-display_width (1.6.1)
    virtus (1.0.5)
      axiom-types (~> 0.1)
      coercible (~> 1.0)
      descendants_tracker (~> 0.0, >= 0.0.3)
      equalizer (~> 0.0, >= 0.0.9)
    warden (1.2.8)
      rack (>= 2.0.6)
    warden-jwt_auth (0.4.1)
      dry-auto_inject (~> 0.6)
      dry-configurable (~> 0.11, >= 0.11.3)
      jwt (~> 2.1)
      warden (~> 1.2)
    wasabi (3.5.0)
      httpi (~> 2.0)
      nokogiri (>= 1.4.2)
    wisper (2.0.1)
    write_xlsx (0.85.7)
      rubyzip (>= 1.0.0)
      zip-zip
    yard (0.9.24)
    zeitwerk (2.3.0)
    zip-zip (0.3)
      rubyzip (>= 1.0.0)

PLATFORMS
  ruby

DEPENDENCIES
  awesome_print
  bcrypt
  dotenv
  puma
  rake
  rerun
  roda
  sidekiq
  solargraph
  teneo-data_model
  teneo-ingester
  warden-jwt_auth

BUNDLED WITH
   2.0.2
